PATH
  remote: .
  specs:
    magickly (2.0.2)
      activesupport (>= 2.0.0, < 5)
      addressable (~> 2.2)
      dragonfly (~> 0.9.14)
      httparty (~> 0.14)
      sinatra (~> 1.2)

GEM
  remote: https://rubygems.org/
  specs:
    activesupport (4.1.8)
      i18n (~> 0.6, >= 0.6.9)
      json (~> 1.7, >= 1.7.7)
      minitest (~> 5.1)
      thread_safe (~> 0.1)
      tzinfo (~> 1.1)
    addressable (2.3.6)
    crack (0.4.2)
      safe_yaml (~> 1.0.0)
    csv (3.3.0)
    diff-lcs (1.2.5)
    dotenv (1.0.2)
    dragonfly (0.9.15)
      multi_json (~> 1.0)
      rack
    fastimage (1.6.6)
      addressable (~> 2.3, >= 2.3.5)
    httparty (0.22.0)
      csv
      mini_mime (>= 1.0.0)
      multi_xml (>= 0.5.2)
    i18n (0.6.11)
    json (1.8.6)
    mini_mime (1.1.5)
    minitest (5.4.3)
    multi_json (1.10.1)
    multi_xml (0.5.5)
    newrelic_rpm (3.9.8.273)
    rack (1.5.2)
    rack-cache (1.2)
      rack (>= 0.4)
    rack-protection (1.5.3)
      rack
    rack-test (0.6.2)
      rack (>= 1.0)
    rake (10.4.2)
    rspec (3.1.0)
      rspec-core (~> 3.1.0)
      rspec-expectations (~> 3.1.0)
      rspec-mocks (~> 3.1.0)
    rspec-core (3.1.7)
      rspec-support (~> 3.1.0)
    rspec-expectations (3.1.2)
      diff-lcs (>= 1.2.0, < 2.0)
      rspec-support (~> 3.1.0)
    rspec-mocks (3.1.3)
      rspec-support (~> 3.1.0)
    rspec-support (3.1.2)
    safe_yaml (1.0.4)
    sinatra (1.4.5)
      rack (~> 1.4)
      rack-protection (~> 1.4)
      tilt (~> 1.3, >= 1.3.4)
    thread_safe (0.3.4)
    tilt (1.4.1)
    tzinfo (1.2.2)
      thread_safe (~> 0.1)
    webmock (1.20.4)
      addressable (>= 2.3.6)
      crack (>= 0.3.2)

PLATFORMS
  ruby

DEPENDENCIES
  dotenv
  fastimage
  magickly!
  newrelic_rpm
  rack-cache
  rack-test
  rake
  rspec
  webmock
